GEM
  remote: https://rubygems.org/
  specs:
    capybara (2.1.0)
      mime-types (>= 1.16)
      nokogiri (>= 1.3.3)
      rack (>= 1.0.0)
      rack-test (>= 0.5.4)
      xpath (~> 2.0)
    cuba (3.1.0)
      rack
    cuba-contrib (3.1.0)
      cuba (~> 3.1)
    diff-lcs (1.2.4)
    haml (4.0.3)
      tilt
    mime-types (1.24)
    mini_portile (0.5.1)
    mote (1.1.2)
    nest (1.1.2)
      redis
    nokogiri (1.6.0)
      mini_portile (~> 0.5.0)
    ohm (1.3.2)
      nest (~> 1.0)
      redis
      scrivener (~> 0.0.3)
    rack (1.5.2)
    rack-protection (1.5.0)
      rack
    rack-test (0.6.2)
      rack (>= 1.0)
    redis (3.0.4)
    rspec (2.14.1)
      rspec-core (~> 2.14.0)
      rspec-expectations (~> 2.14.0)
      rspec-mocks (~> 2.14.0)
    rspec-core (2.14.5)
    rspec-expectations (2.14.2)
      diff-lcs (>= 1.1.3, < 2.0)
    rspec-mocks (2.14.3)
    scrivener (0.0.3)
    tilt (1.4.1)
    xpath (2.0.0)
      nokogiri (~> 1.3)

PLATFORMS
  ruby

DEPENDENCIES
  capybara
  cuba
  cuba-contrib
  haml
  mote
  ohm
  rack-protection
  rspec
  tilt
