GEM
  remote: https://rubygems.org/
  specs:
    activemodel (4.0.0)
      activesupport (= 4.0.0)
      builder (~> 3.1.0)
    activesupport (4.0.0)
      i18n (~> 0.6, >= 0.6.4)
      minitest (~> 4.2)
      multi_json (~> 1.3)
      thread_safe (~> 0.1)
      tzinfo (~> 0.3.37)
    atomic (1.1.14)
    builder (3.1.4)
    capybara (2.1.0)
      mime-types (>= 1.16)
      nokogiri (>= 1.3.3)
      rack (>= 1.0.0)
      rack-test (>= 0.5.4)
      xpath (~> 2.0)
    capybara-webkit (1.0.0)
      capybara (~> 2.0, >= 2.0.2)
      json
    cf-uaa-lib (2.0.0)
      multi_json
    cfoundry (4.3.12)
      activemodel (>= 3.2.13, < 5.0.0)
      cf-uaa-lib (~> 2.0.0)
      multi_json (~> 1.7)
      multipart-post (~> 1.1)
      rubyzip (~> 0.9)
    childprocess (0.3.9)
      ffi (~> 1.0, >= 1.0.11)
    columnize (0.3.6)
    connection_pool (2.0.0)
    cuba (3.1.0)
      rack
    cuba-contrib (3.1.0)
      cuba (~> 3.1)
    cutest (1.2.1)
    debugger (1.6.2)
      columnize (>= 0.3.1)
      debugger-linecache (~> 1.2.0)
      debugger-ruby_core_source (~> 1.2.3)
    debugger-linecache (1.2.0)
    debugger-ruby_core_source (1.2.3)
    ffi (1.9.0)
    haml (4.0.3)
      tilt
    hiredis (0.5.2)
    i18n (0.6.5)
    json (1.8.1)
    mime-types (1.25)
    mini_portile (0.5.1)
    minitest (4.7.5)
    mote (1.1.2)
    msgpack (0.5.8)
    multi_json (1.8.0)
    multipart-post (1.2.0)
    nido (0.0.1)
    nokogiri (1.6.0)
      mini_portile (~> 0.5.0)
    ohm (2.0.1)
      msgpack
      nido
      redic
    rack (1.5.2)
    rack-protection (1.5.0)
      rack
    rack-test (0.6.2)
      rack (>= 1.0)
    rake (10.1.0)
    redic (1.1.1)
      hiredis
    redic-pool (1.0.0)
      connection_pool
      redic
    rubyzip (0.9.9)
    selenium-webdriver (2.35.1)
      childprocess (>= 0.2.5)
      multi_json (~> 1.0)
      rubyzip (< 1.0.0)
      websocket (~> 1.0.4)
    thread_safe (0.1.3)
      atomic
    tilt (1.4.1)
    tzinfo (0.3.37)
    websocket (1.0.7)
    xpath (2.0.0)
      nokogiri (~> 1.3)

PLATFORMS
  ruby

DEPENDENCIES
  capybara
  capybara-webkit
  cfoundry
  cuba
  cuba-contrib
  cutest
  debugger
  haml
  mote
  ohm (> 2.0.0)
  rack-protection
  rake
  redic-pool
  selenium-webdriver
  tilt
